GEM
  remote: http://rubygems.org/
  specs:
    fabrication (2.1.0)
    fakefs (0.4.0)
    faker (1.0.1)
      i18n (~> 0.4)
    ffi (1.0.11)
    foreman (0.47.0)
      thor (>= 0.13.6)
    guard (1.2.3)
      listen (>= 0.4.2)
      thor (>= 0.14.6)
    guard-minitest (0.5.0)
      guard (>= 0.4)
    guard-shell (0.5.1)
      guard (>= 1.1.0)
    i18n (0.6.0)
    listen (0.4.7)
      rb-fchange (~> 0.0.5)
      rb-fsevent (~> 0.9.1)
      rb-inotify (~> 0.8.8)
    mime-types (1.18)
    minitest (3.2.0)
    net-ldap (0.3.1)
    pg (0.13.2)
    rack (1.4.1)
    rack-test (0.6.1)
      rack (>= 1.0)
    rb-fchange (0.0.5)
      ffi
    rb-fsevent (0.9.1)
    rb-inotify (0.8.8)
      ffi (>= 0.5.0)
    sequel (3.36.1)
    sequel_pg (1.3.0)
      pg (>= 0.8.0)
      sequel (>= 3.29.0)
    sequel_postgresql_triggers (1.0.3)
    thor (0.15.4)

PLATFORMS
  ruby

DEPENDENCIES
  fabrication
  fakefs
  faker
  foreman
  guard
  guard-minitest
  guard-shell
  mime-types
  minitest (>= 3.2.0)
  net-ldap
  rack-test
  sequel
  sequel_pg
  sequel_postgresql_triggers
